GEM
  remote: https://rubygems.org/
  specs:
    base64 (0.2.0)
    icalendar (2.10.3)
      ice_cube (~> 0.16)
      ostruct
    ice_cube (0.17.0)
    logger (1.6.2)
    nio4r (2.7.4)
    ostruct (0.6.1)
    puma (6.5.0)
      nio4r (~> 2.0)
    rack (3.1.8)
    roda (3.86.0)
      rack
    tilt (2.4.0)

PLATFORMS
  arm64-darwin-24
  ruby

DEPENDENCIES
  base64
  icalendar
  logger
  puma
  roda
  tilt

RUBY VERSION
   ruby 3.3.5p100

BUNDLED WITH
   2.5.23
