GEM
  remote: https://rubygems.org/
  specs:
    icalendar (2.4.1)
    puma (3.8.2)
    rack (2.0.1)
    roda (2.25.0)
      rack
    thread_safe (0.3.6)
    tilt (2.0.7)
    tzinfo (1.2.3)
      thread_safe (~> 0.1)

PLATFORMS
  ruby

DEPENDENCIES
  icalendar
  puma
  roda
  tilt
  tzinfo

RUBY VERSION
   ruby 2.4.0p0

BUNDLED WITH
   1.13.7
