GEM
  remote: https://rubygems.org/
  specs:
    icalendar (2.4.1)
    puma (3.10.0)
    rack (2.0.3)
    roda (3.1.0)
      rack
    tilt (2.0.8)

PLATFORMS
  ruby

DEPENDENCIES
  icalendar
  puma
  roda
  tilt

RUBY VERSION
   ruby 2.4.1p111

BUNDLED WITH
   1.16.0
