GEM
  remote: https://rubygems.org/
  specs:
    icalendar (2.4.1)
    puma (3.8.2)
    rack (2.0.1)
    roda (2.25.0)
      rack
    tilt (2.0.7)

PLATFORMS
  ruby

DEPENDENCIES
  icalendar
  puma
  roda
  tilt

RUBY VERSION
   ruby 2.4.0p0

BUNDLED WITH
   1.13.7
