GEM
  remote: https://rubygems.org/
  specs:
    daemons (1.2.4)
    eventmachine (1.2.3)
    icalendar (2.4.1)
    rack (2.0.1)
    roda (2.25.0)
      rack
    thin (1.7.0)
      daemons (~> 1.0, >= 1.0.9)
      eventmachine (~> 1.0, >= 1.0.4)
      rack (>= 1, < 3)

PLATFORMS
  ruby

DEPENDENCIES
  icalendar
  roda
  thin

BUNDLED WITH
   1.13.7
